GEM
  remote: https://rubygems.org/
  specs:
    liquid (2.5.3)
    puma (2.12.3)
    rack (1.5.2)
    rack-protection (1.5.0)
      rack
    sinatra (1.4.3)
      rack (~> 1.4)
      rack-protection (~> 1.4)
      tilt (~> 1.3, >= 1.3.4)
    tilt (1.4.1)

PLATFORMS
  ruby

DEPENDENCIES
  liquid (~> 2.5.2)
  puma
  sinatra (~> 1.4.3)

BUNDLED WITH
   1.10.5
