GEM
  remote: https://rubygems.org/
  specs:
    kgio (2.8.1)
    liquid (2.5.2)
    rack (1.5.2)
    rack-protection (1.5.0)
      rack
    raindrops (0.12.0)
    sinatra (1.4.3)
      rack (~> 1.4)
      rack-protection (~> 1.4)
      tilt (~> 1.3, >= 1.3.4)
    tilt (1.4.1)
    unicorn (4.6.3)
      kgio (~> 2.6)
      rack
      raindrops (~> 0.7)

PLATFORMS
  ruby

DEPENDENCIES
  liquid (~> 2.5.2)
  sinatra (~> 1.4.3)
  unicorn (~> 4.6.3)
